GEM
  remote: http://rubygems.org/
  specs:
    domain_name (0.5.1)
      unf (~> 0.0.3)
    mechanize (2.1.pre.1)
      domain_name (~> 0.5, >= 0.5.1)
      net-http-digest_auth (~> 1.1, >= 1.1.1)
      net-http-persistent (~> 2.3, >= 2.3.2)
      nokogiri (~> 1.4)
      ntlm-http (~> 0.1, >= 0.1.1)
      webrobots (~> 0.0, >= 0.0.9)
    net-http-digest_auth (1.2)
    net-http-persistent (2.3.2)
    nokogiri (1.5.0)
    ntlm-http (0.1.1)
    rack (1.3.5)
    rhr (0.1.4)
      rack
      tilt
    tilt (1.3.3)
    unf (0.0.3)
      unf_ext
    unf_ext (0.0.3)
    webrobots (0.0.12)
      nokogiri (>= 1.4.4)

PLATFORMS
  ruby

DEPENDENCIES
  mechanize (= 2.1.pre.1)
  rhr
